GEM
  remote: https://rubygems.org/
  specs:
    actionmailer (3.2.11)
      actionpack (= 3.2.11)
      mail (~> 2.4.4)
    actionpack (3.2.11)
      activemodel (= 3.2.11)
      activesupport (= 3.2.11)
      builder (~> 3.0.0)
      erubis (~> 2.7.0)
      journey (~> 1.0.4)
      rack (~> 1.4.0)
      rack-cache (~> 1.2)
      rack-test (~> 0.6.1)
      sprockets (~> 2.2.1)
    activemodel (3.2.11)
      activesupport (= 3.2.11)
      builder (~> 3.0.0)
    activerecord (3.2.11)
      activemodel (= 3.2.11)
      activesupport (= 3.2.11)
      arel (~> 3.0.2)
      tzinfo (~> 0.3.29)
    activeresource (3.2.11)
      activemodel (= 3.2.11)
      activesupport (= 3.2.11)
    activesupport (3.2.11)
      i18n (~> 0.6)
      multi_json (~> 1.0)
    addressable (2.2.8)
    arel (3.0.2)
    bcrypt-ruby (3.0.1)
    better_errors (0.5.0)
      coderay (>= 1.0.0)
      erubis (>= 2.6.6)
    binding_of_caller (0.6.8)
    bootstrap-datepicker-rails (0.6.15)
      railties (>= 3.0)
    bootstrap-will_paginate (0.0.7)
      will_paginate
    builder (3.0.4)
    capybara (1.1.2)
      mime-types (>= 1.16)
      nokogiri (>= 1.3.3)
      rack (>= 1.0.0)
      rack-test (>= 0.5.4)
      selenium-webdriver (~> 2.0)
      xpath (~> 0.1.4)
    childprocess (0.3.2)
      ffi (~> 1.0.6)
    coderay (1.0.8)
    coffee-rails (3.2.2)
      coffee-script (>= 2.2.0)
      railties (~> 3.2.0)
    coffee-script (2.2.0)
      coffee-script-source
      execjs
    coffee-script-source (1.3.3)
    commonjs (0.2.6)
    daemons (1.1.9)
    diff-lcs (1.1.3)
    erubis (2.7.0)
    eventmachine (1.0.0)
    execjs (1.4.0)
      multi_json (~> 1.0)
    factory_girl (1.3.3)
    factory_girl_rails (1.0)
      factory_girl (~> 1.3)
      rails (>= 3.0.0.beta4)
    faker (1.0.1)
      i18n (~> 0.4)
    ffi (1.0.11)
    growl (1.0.3)
    guard (1.0.3)
      ffi (>= 0.5.0)
      thor (>= 0.14.6)
    guard-rspec (0.5.5)
      guard (>= 0.8.4)
    guard-spork (0.3.2)
      guard (>= 0.8.4)
      spork (>= 0.8.4)
    hike (1.2.1)
    i18n (0.6.1)
    journey (1.0.4)
    jquery-rails (2.0.2)
      railties (>= 3.2.0, < 5.0)
      thor (~> 0.14)
    json (1.7.6)
    launchy (2.1.0)
      addressable (~> 2.2.6)
    less (2.2.1)
      commonjs (~> 0.2.6)
    less-rails (2.2.3)
      actionpack (>= 3.1)
      less (~> 2.2.0)
    libv8 (3.3.10.4)
    libwebsocket (0.1.3)
      addressable
    mail (2.4.4)
      i18n (>= 0.4.0)
      mime-types (~> 1.16)
      treetop (~> 1.4.8)
    mime-types (1.19)
    multi_json (1.5.0)
    nokogiri (1.5.3)
    pg (0.12.2)
    polyglot (0.3.3)
    quiet_assets (1.0.1)
      railties (~> 3.1)
    rack (1.4.4)
    rack-cache (1.2)
      rack (>= 0.4)
    rack-ssl (1.3.3)
      rack
    rack-test (0.6.2)
      rack (>= 1.0)
    rails (3.2.11)
      actionmailer (= 3.2.11)
      actionpack (= 3.2.11)
      activerecord (= 3.2.11)
      activeresource (= 3.2.11)
      activesupport (= 3.2.11)
      bundler (~> 1.0)
      railties (= 3.2.11)
    railties (3.2.11)
      actionpack (= 3.2.11)
      activesupport (= 3.2.11)
      rack-ssl (~> 1.3.2)
      rake (>= 0.8.7)
      rdoc (~> 3.4)
      thor (>= 0.14.6, < 2.0)
    rake (10.0.3)
    rb-fsevent (0.9.1)
    rdoc (3.12)
      json (~> 1.4)
    rspec (2.10.0)
      rspec-core (~> 2.10.0)
      rspec-expectations (~> 2.10.0)
      rspec-mocks (~> 2.10.0)
    rspec-core (2.10.1)
    rspec-expectations (2.10.0)
      diff-lcs (~> 1.1.3)
    rspec-mocks (2.10.1)
    rspec-rails (2.10.0)
      actionpack (>= 3.0)
      activesupport (>= 3.0)
      railties (>= 3.0)
      rspec (~> 2.10.0)
    rubyzip (0.9.8)
    sass (3.1.19)
    sass-rails (3.2.5)
      railties (~> 3.2.0)
      sass (>= 3.1.10)
      tilt (~> 1.3)
    selenium-webdriver (2.22.1)
      childprocess (>= 0.2.5)
      ffi (~> 1.0)
      libwebsocket (~> 0.1.3)
      multi_json (~> 1.0)
      rubyzip
    simple_form (2.0.2)
      actionpack (~> 3.0)
      activemodel (~> 3.0)
    spork (0.9.0)
    sprockets (2.2.2)
      hike (~> 1.2)
      multi_json (~> 1.0)
      rack (~> 1.0)
      tilt (~> 1.1, != 1.3.0)
    therubyracer (0.10.1)
      libv8 (~> 3.3.10)
    thin (1.5.0)
      daemons (>= 1.0.9)
      eventmachine (>= 0.12.6)
      rack (>= 1.0.0)
    thor (0.17.0)
    tilt (1.3.3)
    treetop (1.4.12)
      polyglot
      polyglot (>= 0.3.1)
    twitter-bootstrap-rails (2.0.9)
      actionpack (>= 3.1)
      less-rails (~> 2.2.2)
      railties (>= 3.1)
      therubyracer (~> 0.10.1)
    tzinfo (0.3.35)
    uglifier (1.2.4)
      execjs (>= 0.3.0)
      multi_json (>= 1.0.2)
    will_paginate (3.0.3)
    will_paginate-bootstrap (0.2.2)
      will_paginate (>= 3.0.3)
    xpath (0.1.4)
      nokogiri (~> 1.3)

PLATFORMS
  ruby

DEPENDENCIES
  bcrypt-ruby (= 3.0.1)
  better_errors
  binding_of_caller
  bootstrap-datepicker-rails
  bootstrap-will_paginate
  capybara (= 1.1.2)
  coffee-rails (~> 3.2.1)
  factory_girl_rails
  faker (= 1.0.1)
  growl (= 1.0.3)
  guard-rspec (= 0.5.5)
  guard-spork (= 0.3.2)
  jquery-rails
  launchy
  pg
  quiet_assets
  rails (= 3.2.11)
  rb-fsevent
  rspec-rails (= 2.10.0)
  sass-rails (~> 3.2.3)
  simple_form
  spork (= 0.9.0)
  thin
  twitter-bootstrap-rails
  uglifier (>= 1.0.3)
  will_paginate (= 3.0.3)
  will_paginate-bootstrap
